GIT
  remote: https://github.com/Roman2K/utils-ruby.git
  revision: 7aa4fe10c93cd6c9cb8ea18a6157fa3ef9314799
  specs:
    utils-ruby (0.1.0)
      net_http_unix (~> 0.2)

GEM
  remote: https://rubygems.org/
  specs:
    bcrypt (3.1.15)
    minitest (5.14.0)
    net_http_unix (0.2.2)

PLATFORMS
  ruby

DEPENDENCIES
  bcrypt
  minitest
  net_http_unix
  utils-ruby!

BUNDLED WITH
   2.1.4
