GIT
  remote: https://github.com/Roman2K/utils-ruby.git
  revision: bdb271745606af1f9caa108c3e5177c151656ae2
  specs:
    utils-ruby (0.1.0)
      net_http_unix (~> 0.2)

GEM
  remote: https://rubygems.org/
  specs:
    bcrypt (3.1.15)
    minitest (5.14.0)
    net_http_unix (0.2.2)

PLATFORMS
  ruby

DEPENDENCIES
  bcrypt
  minitest
  net_http_unix
  utils-ruby!

BUNDLED WITH
   2.1.4
